PATH
  remote: .
  specs:
    activefacts (0.8.10)
      activefacts-api (>= 0.8.12)
      rake (>= 0.8.7)
      treetop (>= 1.4.1)

GEM
  remote: http://rubygems.org/
  specs:
    RedCloth (4.2.9)
    activefacts-api (0.8.12)
    activesupport (2.3.14)
    diff-lcs (1.1.3)
    hoe (3.1.0)
      rake (~> 0.8)
    newgem (1.5.3)
      RedCloth (>= 4.1.1)
      activesupport (~> 2.3.4)
      hoe (>= 2.4.0)
      rubigen (>= 1.5.3)
      syntax (>= 1.0.0)
    polyglot (0.3.3)
    rake (0.9.2.2)
    rspec (2.11.0)
      rspec-core (~> 2.11.0)
      rspec-expectations (~> 2.11.0)
      rspec-mocks (~> 2.11.0)
    rspec-core (2.11.1)
    rspec-expectations (2.11.2)
      diff-lcs (~> 1.1.3)
    rspec-mocks (2.11.2)
    rubigen (1.5.8)
      activesupport (>= 2.3.5, < 3.2.0)
    syntax (1.0.0)
    treetop (1.4.11)
      polyglot
      polyglot (>= 0.3.1)

PLATFORMS
  ruby

DEPENDENCIES
  activefacts!
  bundler (> 1.0.10)
  hoe
  newgem
  rspec
